GEM
  remote: https://rubygems.org/
  specs:
    aws-sdk (1.10.0)
      json (~> 1.4)
      nokogiri (>= 1.4.4)
      uuidtools (~> 2.1)
    json (1.8.0)
    nokogiri (1.5.9)
    rack (1.5.2)
    rack-contrib (1.1.0)
      rack (>= 0.9.1)
    uuidtools (2.1.4)

PLATFORMS
  ruby

DEPENDENCIES
  aws-sdk
  rack-contrib
